GEM
  remote: http://rubygems.org/
  specs:
    ansi (1.4.1)
    builder (3.0.0)
    json (1.6.5)
    metaclass (0.0.1)
    mime-types (1.17.2)
    mocha (0.10.0)
      metaclass (~> 0.0.1)
    plek (0.1.20)
      builder
    rake (0.9.2)
    rest-client (1.6.7)
      mime-types (>= 1.16)
    rummageable (0.1.3)
      json
      plek
      rest-client
    shoulda (2.11.3)
    test-unit (2.4.3)
    turn (0.8.3)
      ansi

PLATFORMS
  ruby

DEPENDENCIES
  mocha
  rake (= 0.9.2)
  rummageable (~> 0.1.3)
  shoulda (~> 2.11.3)
  test-unit
  turn
