GIT
  remote: git@github.com:alphagov/rummageable.git
  revision: e66b12f47dadd466db2d8407628b31b7f29e8054
  specs:
    rummageable (0.1.0)
      json
      plek
      rest-client

GEM
  remote: http://rubygems.org/
  specs:
    ansi (1.4.1)
    archive-tar-minitar (0.5.2)
    builder (3.0.0)
    columnize (0.3.5)
    json (1.6.3)
    linecache19 (0.5.12)
      ruby_core_source (>= 0.1.4)
    metaclass (0.0.1)
    mime-types (1.17.2)
    mocha (0.10.0)
      metaclass (~> 0.0.1)
    plek (0.1.13)
      builder
    rake (0.9.2)
    rest-client (1.6.7)
      mime-types (>= 1.16)
    ruby-debug-base19 (0.11.25)
      columnize (>= 0.3.1)
      linecache19 (>= 0.5.11)
      ruby_core_source (>= 0.1.4)
    ruby-debug19 (0.11.6)
      columnize (>= 0.3.1)
      linecache19 (>= 0.5.11)
      ruby-debug-base19 (>= 0.11.19)
    ruby_core_source (0.1.5)
      archive-tar-minitar (>= 0.5.2)
    shoulda (2.11.3)
    test-unit (2.4.3)
    turn (0.8.3)
      ansi

PLATFORMS
  ruby

DEPENDENCIES
  mocha
  rake (= 0.9.2)
  ruby-debug19
  rummageable!
  shoulda (~> 2.11.3)
  test-unit
  turn
