GEM
  remote: http://rubygems.org/
  specs:
    ansi (1.4.1)
    json (1.7.5)
    metaclass (0.0.1)
    mime-types (1.19)
    mocha (0.10.0)
      metaclass (~> 0.0.1)
    plek (1.3.1)
    rake (0.9.2)
    rest-client (1.6.7)
      mime-types (>= 1.16)
    rummageable (0.6.1)
      json
      plek (>= 0.5.0)
      rest-client
    shoulda (2.11.3)
    test-unit (2.4.3)
    turn (0.8.3)
      ansi

PLATFORMS
  ruby

DEPENDENCIES
  mocha
  plek (= 1.3.1)
  rake (= 0.9.2)
  rummageable (= 0.6.1)
  shoulda (~> 2.11.3)
  test-unit
  turn
