GEM
  remote: http://rubygems.org/
  specs:
    PriorityQueue (0.1.2)
    ansi (1.4.1)
    gds-api-adapters (10.2.0)
      link_header
      lrucache (~> 0.1.1)
      null_logger
      plek
      rest-client (~> 1.6.3)
    json (1.7.5)
    link_header (0.0.8)
    lrucache (0.1.4)
      PriorityQueue (~> 0.1.2)
    metaclass (0.0.1)
    mime-types (1.19)
    mocha (0.10.0)
      metaclass (~> 0.0.1)
    null_logger (0.0.1)
    plek (1.3.1)
    rake (0.9.2)
    rest-client (1.6.7)
      mime-types (>= 1.16)
    rummageable (0.6.1)
      json
      plek (>= 0.5.0)
      rest-client
    shoulda (2.11.3)
    test-unit (2.4.3)
    turn (0.8.3)
      ansi

PLATFORMS
  ruby

DEPENDENCIES
  gds-api-adapters (= 10.2.0)
  mocha
  plek (= 1.3.1)
  rake (= 0.9.2)
  rummageable (= 0.6.1)
  shoulda (~> 2.11.3)
  test-unit
  turn
